GEM
  remote: https://rubygems.org/
  specs:
    atomic (1.0.1)
    avl_tree (1.1.3)
    hitimes (1.2.0)
    metriks (0.9.9.2)
      atomic (~> 1.0)
      avl_tree (~> 1.1.2)
      hitimes (~> 1.1)

PLATFORMS
  ruby

DEPENDENCIES
  metriks
